GIT
  remote: git://github.com/ekho/capistrano-git-submodule-strategy.git
  revision: 6961ced9906c25b43c6cd014014fde45767c8451
  specs:
    capistrano-git-submodule-strategy (0.1.18)
      capistrano (~> 3.1)

GEM
  remote: https://rubygems.org/
  remote: https://rails-assets.org/
  specs:
    actionmailer (4.2.5)
      actionpack (= 4.2.5)
      actionview (= 4.2.5)
      activejob (= 4.2.5)
      mail (~> 2.5, >= 2.5.4)
      rails-dom-testing (~> 1.0, >= 1.0.5)
    actionpack (4.2.5)
      actionview (= 4.2.5)
      activesupport (= 4.2.5)
      rack (~> 1.6)
      rack-test (~> 0.6.2)
      rails-dom-testing (~> 1.0, >= 1.0.5)
      rails-html-sanitizer (~> 1.0, >= 1.0.2)
    actionview (4.2.5)
      activesupport (= 4.2.5)
      builder (~> 3.1)
      erubis (~> 2.7.0)
      rails-dom-testing (~> 1.0, >= 1.0.5)
      rails-html-sanitizer (~> 1.0, >= 1.0.2)
    activejob (4.2.5)
      activesupport (= 4.2.5)
      globalid (>= 0.3.0)
    activemodel (4.2.5)
      activesupport (= 4.2.5)
      builder (~> 3.1)
    activerecord (4.2.5)
      activemodel (= 4.2.5)
      activesupport (= 4.2.5)
      arel (~> 6.0)
    activesupport (4.2.5)
      i18n (~> 0.7)
      json (~> 1.7, >= 1.7.7)
      minitest (~> 5.1)
      thread_safe (~> 0.3, >= 0.3.4)
      tzinfo (~> 1.1)
    addressable (2.4.0)
    arel (6.0.3)
    bcrypt (3.1.10)
    binding_of_caller (0.7.2)
      debug_inspector (>= 0.0.1)
    builder (3.2.2)
    byebug (8.2.1)
    capistrano (3.4.0)
      i18n
      rake (>= 10.0.0)
      sshkit (~> 1.3)
    capistrano-bundler (1.1.4)
      capistrano (~> 3.1)
      sshkit (~> 1.2)
    capistrano-rails (1.1.5)
      capistrano (~> 3.1)
      capistrano-bundler (~> 1.1)
    capistrano-rvm (0.1.2)
      capistrano (~> 3.0)
      sshkit (~> 1.2)
    capistrano-sidekiq (0.5.4)
      capistrano
      sidekiq (>= 3.4)
    capistrano3-puma (1.2.1)
      capistrano (~> 3.0)
      puma (>= 2.6)
    coffee-rails (4.1.1)
      coffee-script (>= 2.2.0)
      railties (>= 4.0.0, < 5.1.x)
    coffee-script (2.4.1)
      coffee-script-source
      execjs
    coffee-script-source (1.10.0)
    concurrent-ruby (1.0.0)
    config (1.0.0)
      activesupport (>= 3.0)
      deep_merge (~> 1.0.0)
    connection_pool (2.2.0)
    countries (1.2.2)
      currencies (~> 0.4.2)
      i18n_data (~> 0.7.0)
    currencies (0.4.2)
    debug_inspector (0.0.2)
    deep_merge (1.0.1)
    devise (3.5.4)
      bcrypt (~> 3.0)
      orm_adapter (~> 0.1)
      railties (>= 3.2.6, < 5)
      responders
      thread_safe (~> 0.1)
      warden (~> 1.2.3)
    devise_token_auth (0.1.36)
      devise (~> 3.5.2)
      rails (~> 4.2)
    dragonfly (1.0.12)
      addressable (~> 2.3)
      multi_json (~> 1.0)
      rack (>= 1.3.0)
    dragonfly-s3_data_store (1.2)
      dragonfly (~> 1.0)
      fog-aws
    erubis (2.7.0)
    excon (0.45.4)
    execjs (2.6.0)
    fog-aws (0.8.1)
      fog-core (~> 1.27)
      fog-json (~> 1.0)
      fog-xml (~> 0.1)
      ipaddress (~> 0.8)
    fog-core (1.35.0)
      builder
      excon (~> 0.45)
      formatador (~> 0.2)
    fog-json (1.0.2)
      fog-core (~> 1.0)
      multi_json (~> 1.10)
    fog-xml (0.1.2)
      fog-core
      nokogiri (~> 1.5, >= 1.5.11)
    formatador (0.2.5)
    globalid (0.3.6)
      activesupport (>= 4.1.0)
    i18n (0.7.0)
    i18n_data (0.7.0)
    ipaddress (0.8.2)
    jquery-rails (4.1.0)
      rails-dom-testing (~> 1.0)
      railties (>= 4.2.0)
      thor (>= 0.14, < 2.0)
    json (1.8.3)
    libv8 (3.16.14.13)
    loofah (2.0.3)
      nokogiri (>= 1.5.9)
    mail (2.6.3)
      mime-types (>= 1.16, < 3)
    mime-types (2.99)
    mini_portile2 (2.0.0)
    minitest (5.8.3)
    multi_json (1.11.2)
    net-scp (1.2.1)
      net-ssh (>= 2.6.5)
    net-ssh (3.0.2)
    nokogiri (1.6.7.1)
      mini_portile2 (~> 2.0.0.rc2)
    orm_adapter (0.5.0)
    pg (0.18.4)
    puma (2.15.3)
    rack (1.6.4)
    rack-test (0.6.3)
      rack (>= 1.0)
    rails (4.2.5)
      actionmailer (= 4.2.5)
      actionpack (= 4.2.5)
      actionview (= 4.2.5)
      activejob (= 4.2.5)
      activemodel (= 4.2.5)
      activerecord (= 4.2.5)
      activesupport (= 4.2.5)
      bundler (>= 1.3.0, < 2.0)
      railties (= 4.2.5)
      sprockets-rails
    rails-assets-angular (1.4.8)
    rails-assets-angular-animate (1.4.8)
      rails-assets-angular (= 1.4.8)
    rails-assets-angular-cookie (4.0.9)
      rails-assets-angular
    rails-assets-angular-cookies (1.4.8)
      rails-assets-angular (= 1.4.8)
    rails-assets-angular-google-maps (2.2.1)
      rails-assets-angular (>= 1.2, < 1.5)
      rails-assets-angular-simple-logger (~> 0.0.1)
      rails-assets-lodash (>= 3.8.0)
    rails-assets-angular-i18n (1.4.8)
    rails-assets-angular-loading-bar (0.8.0)
      rails-assets-angular (>= 1.2.9, < 2)
    rails-assets-angular-resource (1.4.8)
      rails-assets-angular (= 1.4.8)
    rails-assets-angular-sanitize (1.4.8)
      rails-assets-angular (= 1.4.8)
    rails-assets-angular-simple-logger (0.0.4)
      rails-assets-angular (>= 1.2, < 2)
    rails-assets-angular-translate (2.8.1)
      rails-assets-angular (>= 1.2.26, <= 1.5)
    rails-assets-angular-ui--ui-sortable (0.13.4)
      rails-assets-angular (>= 1.2)
      rails-assets-jquery-ui (>= 1.9)
    rails-assets-datetimepicker (2.4.5)
      rails-assets-jquery (>= 1.7.2)
    rails-assets-jquery (2.2.0)
    rails-assets-jquery-ui (1.11.4)
      rails-assets-jquery (>= 1.6)
    rails-assets-lodash (4.0.0)
    rails-assets-ng-file-upload (11.1.1)
      rails-assets-angular (> 1.2.0)
    rails-assets-ng-file-upload-shim (11.1.1)
      rails-assets-angular (> 1.2.0)
      rails-assets-ng-file-upload (> 6.0.3)
    rails-assets-ng-token-auth (0.0.28)
      rails-assets-angular (~> 1.4.4)
      rails-assets-angular-cookie (~> 4.0.9)
    rails-assets-ng-wig (2.3.3)
    rails-assets-ui-router (0.2.15)
      rails-assets-angular (>= 1.0.8)
    rails-assets-underscore (1.8.3)
    rails-deprecated_sanitizer (1.0.3)
      activesupport (>= 4.2.0.alpha)
    rails-dom-testing (1.0.7)
      activesupport (>= 4.2.0.beta, < 5.0)
      nokogiri (~> 1.6.0)
      rails-deprecated_sanitizer (>= 1.0.1)
    rails-html-sanitizer (1.0.2)
      loofah (~> 2.0)
    railties (4.2.5)
      actionpack (= 4.2.5)
      activesupport (= 4.2.5)
      rake (>= 0.8.7)
      thor (>= 0.18.1, < 2.0)
    rake (10.5.0)
    redis (3.2.2)
    ref (2.0.0)
    responders (2.1.1)
      railties (>= 4.2.0, < 5.1)
    rollbar (2.7.1)
      multi_json
    sass (3.4.21)
    sass-rails (5.0.4)
      railties (>= 4.0.0, < 5.0)
      sass (~> 3.1)
      sprockets (>= 2.8, < 4.0)
      sprockets-rails (>= 2.0, < 4.0)
      tilt (>= 1.1, < 3)
    sidekiq (4.0.2)
      concurrent-ruby (~> 1.0)
      connection_pool (~> 2.2, >= 2.2.0)
      redis (~> 3.2, >= 3.2.1)
    slim (3.0.6)
      temple (~> 0.7.3)
      tilt (>= 1.3.3, < 2.1)
    sprockets (3.5.2)
      concurrent-ruby (~> 1.0)
      rack (> 1, < 3)
    sprockets-rails (3.0.0)
      actionpack (>= 4.0)
      activesupport (>= 4.0)
      sprockets (>= 3.0.0)
    sshkit (1.8.1)
      net-scp (>= 1.1.2)
      net-ssh (>= 2.8.0)
    temple (0.7.6)
    therubyracer (0.12.2)
      libv8 (~> 3.16.14.0)
      ref
    thor (0.19.1)
    thread_safe (0.3.5)
    tilt (2.0.2)
    tzinfo (1.2.2)
      thread_safe (~> 0.1)
    uglifier (2.7.2)
      execjs (>= 0.3.0)
      json (>= 1.8.0)
    warden (1.2.4)
      rack (>= 1.0)
    web-console (2.2.1)
      activemodel (>= 4.0)
      binding_of_caller (>= 0.7.2)
      railties (>= 4.0)
      sprockets-rails (>= 2.0, < 4.0)

PLATFORMS
  ruby

DEPENDENCIES
  bcrypt (~> 3.1.7)
  byebug
  capistrano
  capistrano-bundler
  capistrano-git-submodule-strategy (~> 0.1)!
  capistrano-rails
  capistrano-rvm
  capistrano-sidekiq
  capistrano3-puma
  coffee-rails (~> 4.1.0)
  config
  countries
  devise_token_auth
  dragonfly
  dragonfly-s3_data_store
  jquery-rails
  pg (~> 0.15)
  puma
  rails (= 4.2.5)
  rails-assets-angular!
  rails-assets-angular-animate!
  rails-assets-angular-cookie!
  rails-assets-angular-cookies!
  rails-assets-angular-google-maps!
  rails-assets-angular-i18n!
  rails-assets-angular-loading-bar!
  rails-assets-angular-resource!
  rails-assets-angular-sanitize!
  rails-assets-angular-translate!
  rails-assets-angular-ui--ui-sortable!
  rails-assets-datetimepicker!
  rails-assets-ng-file-upload!
  rails-assets-ng-file-upload-shim!
  rails-assets-ng-token-auth!
  rails-assets-ng-wig!
  rails-assets-ui-router!
  rails-assets-underscore!
  rollbar
  sass-rails (~> 5.0)
  sidekiq
  slim
  therubyracer
  uglifier (>= 1.3.0)
  web-console (~> 2.0)

BUNDLED WITH
   1.10.6
